GEM
  remote: https://rubygems.org/
  specs:
    hoe (3.4.0)
      rake (>= 0.8, < 11.0)
    rake (10.0.3)

PLATFORMS
  ruby

DEPENDENCIES
  hoe (= 3.4.0)
